PATH
  remote: .
  specs:
    rack_es_logger (0.1.0)
      rack
      sidekiq (>= 2.4.0)

GEM
  remote: https://rubygems.org/
  specs:
    connection_pool (2.2.2)
    minitest (5.14.0)
    rack (2.2.2)
    rack-protection (2.0.8.1)
      rack
    rack-test (1.1.0)
      rack (>= 1.0, < 3)
    rake (12.3.3)
    redis (4.1.3)
    sidekiq (6.0.6)
      connection_pool (>= 2.2.2)
      rack (~> 2.0)
      rack-protection (>= 2.0.0)
      redis (>= 4.1.0)

PLATFORMS
  ruby

DEPENDENCIES
  minitest
  rack-test
  rack_es_logger!
  rake (~> 12.0)

BUNDLED WITH
   2.1.4
