PATH
  remote: .
  specs:
    es_logger (0.1.0)
      elasticsearch (~> 7.5, >= 7.5.0)
      elasticsearch-persistence (~> 7.0.0, >= 7.0.0)
      rack (~> 1.5)
      sidekiq (~> 2.4, >= 2.4.0)

GEM
  remote: https://rubygems.org/
  specs:
    activemodel (6.0.2.2)
      activesupport (= 6.0.2.2)
    activesupport (6.0.2.2)
      concurrent-ruby (~> 1.0, >= 1.0.2)
      i18n (>= 0.7, < 2)
      minitest (~> 5.1)
      tzinfo (~> 1.1)
      zeitwerk (~> 2.2)
    celluloid (0.15.2)
      timers (~> 1.1.0)
    concurrent-ruby (1.1.6)
    connection_pool (2.2.2)
    elasticsearch (7.5.0)
      elasticsearch-api (= 7.5.0)
      elasticsearch-transport (= 7.5.0)
    elasticsearch-api (7.5.0)
      multi_json
    elasticsearch-model (7.0.0)
      activesupport (> 3)
      elasticsearch (> 1)
      hashie
    elasticsearch-persistence (7.0.0)
      activemodel (> 4)
      activesupport (> 4)
      elasticsearch (~> 7)
      elasticsearch-model (= 7.0.0)
      hashie
    elasticsearch-transport (7.5.0)
      faraday (>= 0.14, < 1)
      multi_json
    faraday (0.17.3)
      multipart-post (>= 1.2, < 3)
    hashie (4.1.0)
    i18n (1.8.2)
      concurrent-ruby (~> 1.0)
    json (2.3.0)
    minitest (5.14.0)
    multi_json (1.14.1)
    multipart-post (2.1.1)
    rack (1.6.13)
    rack-test (0.6.3)
      rack (>= 1.0)
    rake (12.3.3)
    redis (3.3.5)
    redis-namespace (1.7.0)
      redis (>= 3.0.4)
    sidekiq (2.17.8)
      celluloid (= 0.15.2)
      connection_pool (~> 2.0)
      json
      redis (~> 3.1)
      redis-namespace (~> 1.3)
    thread_safe (0.3.6)
    timers (1.1.0)
    tzinfo (1.2.7)
      thread_safe (~> 0.1)
    zeitwerk (2.3.0)

PLATFORMS
  ruby

DEPENDENCIES
  es_logger!
  minitest (~> 5.0)
  rack-test (~> 0.6.3)
  rake (~> 12.0)

BUNDLED WITH
   2.1.4
