PATH
  remote: .
  specs:
    rack_es_logger (0.1.0)
      rack (>= 1.5.3)

GEM
  remote: https://rubygems.org/
  specs:
    minitest (5.14.0)
    rack (2.2.2)
    rack-test (1.1.0)
      rack (>= 1.0, < 3)
    rake (12.3.3)

PLATFORMS
  ruby

DEPENDENCIES
  minitest
  rack-test
  rack_es_logger!
  rake (~> 12.0)

BUNDLED WITH
   2.1.4
